GEM
  remote: http://rubygems.org/
  specs:
    yajl-ruby (1.0.0)

PLATFORMS
  ruby

DEPENDENCIES
  yajl-ruby
